GEM
  remote: https://rubygems.org/
  specs:
    builder (3.1.4)
    cucumber (1.2.1)
      builder (>= 2.1.2)
      diff-lcs (>= 1.1.3)
      gherkin (~> 2.11.0)
      json (>= 1.4.6)
    daemons (1.1.9)
    diff-lcs (1.2.0)
    eventmachine (1.0.0)
    gherkin (2.11.6)
      json (>= 1.7.6)
    json (1.7.6)
    rack (1.5.1)
    rack-protection (1.3.2)
      rack
    rake (10.0.3)
    sinatra (1.3.4)
      rack (~> 1.4)
      rack-protection (~> 1.3)
      tilt (~> 1.3, >= 1.3.3)
    thin (1.5.0)
      daemons (>= 1.0.9)
      eventmachine (>= 0.12.6)
      rack (>= 1.0.0)
    tilt (1.3.3)

PLATFORMS
  ruby

DEPENDENCIES
  cucumber
  rake
  sinatra
  thin
